{
  "Modality": "MR",
  "MagneticFieldStrength": 3,
  "ImagingFrequency": 123.189,
  "Manufacturer": "Siemens",
  "ManufacturersModelName": "MAGNETOM Connectom.X",
  "BodyPartExamined": "BRAIN",
  "PatientPosition": "HFS",
  "SoftwareVersions": "syngo MR XA61",
  "MRAcquisitionType": "2D",
  "ScanningSequence": "EP",
  "SequenceVariant": "SK\\SP",
  "ScanOptions": "PFP\\FS",
  "PulseSequenceName": "epse2d1_110",
  "ImageType": [
    "ORIGINAL",
    "PRIMARY",
    "DIFFUSION",
    "NONE",
    "PHASE"
  ],
  "ImageTypeText": [
    "ORIGINAL",
    "PRIMARY",
    "DIFFUSION",
    "NONE",
    "ND"
  ],
  "NonlinearGradientCorrection": false,
  "SeriesNumber": 15,
  "AcquisitionNumber": 1,
  "SliceThickness": 2,
  "SpacingBetweenSlices": 2,
  "EchoTime": 0.066,
  "RepetitionTime": 3.3,
  "MTState": false,
  "FlipAngle": 90,
  "PartialFourier": 0.75,
  "BaseResolution": 110,
  "ShimSetting": [
    -5,
    3,
    23,
    49,
    88,
    101,
    149,
    -68
  ],
  "DiffusionScheme": "Monopolar",
  "TxRefAmp": 140.835,
  "PhaseResolution": 1,
  "ReceiveCoilName": "Invivo_72",
  "ReceiveCoilActiveElements": "INV",
  "CoilString": "Invivo_72",
  "RefLinesPE": 30,
  "CoilCombinationMethod": "Adaptive Combine",
  "MultibandAccelerationFactor": 2,
  "PercentPhaseFOV": 100,
  "PercentSampling": 100,
  "EchoTrainLength": 43,
  "PartialFourierDirection": "PHASE",
  "AcquisitionMatrixPE": 110,
  "ReconMatrixPE": 110,
  "BandwidthPerPixelPhaseEncode": 49.14,
  "ParallelReductionFactorInPlane": 2,
  "ParallelAcquisitionTechnique": "SMS",
  "EffectiveEchoSpacing": 0.000185,
  "DerivedVendorReportedEchoSpacing": 0.00037,
  "AcquisitionDuration": 144.18,
  "TotalReadoutTime": 0.020165,
  "PixelBandwidth": 3030,
  "DwellTime": 1.5e-06,
  "PhaseEncodingDirection": "j",
  "SliceTiming": [
    0,
    1.69,
    0.1,
    1.7875,
    0.1975,
    1.8875,
    0.2975,
    1.9875,
    0.3975,
    2.0875,
    0.4975,
    2.185,
    0.595,
    2.285,
    0.695,
    2.385,
    0.795,
    2.485,
    0.895,
    2.5825,
    0.9925,
    2.6825,
    1.0925,
    2.7825,
    1.1925,
    2.8825,
    1.2925,
    2.98,
    1.39,
    3.08,
    1.49,
    3.18,
    1.59,
    0,
    1.69,
    0.1,
    1.7875,
    0.1975,
    1.8875,
    0.2975,
    1.9875,
    0.3975,
    2.0875,
    0.4975,
    2.185,
    0.595,
    2.285,
    0.695,
    2.385,
    0.795,
    2.485,
    0.895,
    2.5825,
    0.9925,
    2.6825,
    1.0925,
    2.7825,
    1.1925,
    2.8825,
    1.2925,
    2.98,
    1.39,
    3.08,
    1.49,
    3.18,
    1.59
  ],
  "ImageOrientationPatientDICOM": [
    1,
    -1.03753e-09,
    -1.04855e-08,
    -1.03753e-09,
    0.980608,
    -0.19598
  ],
  "InPlanePhaseEncodingDirectionDICOM": "COL",
  "ConversionSoftware": "dcm2niix",
  "ConversionSoftwareVersion": "v1.0.20220720",
  "Units": "arbitrary"
}