{
  "Modality": "MR",
  "MagneticFieldStrength": 3,
  "ImagingFrequency": 123.189,
  "Manufacturer": "Siemens",
  "ManufacturersModelName": "MAGNETOM Connectom.X",
  "BodyPartExamined": "BRAIN",
  "PatientPosition": "HFS",
  "SoftwareVersions": "syngo MR XA61",
  "MRAcquisitionType": "2D",
  "ScanningSequence": "EP",
  "SequenceVariant": "SK\\SP",
  "ScanOptions": "PFP\\FS",
  "PulseSequenceName": "epse2d1_110",
  "ImageType": [
    "ORIGINAL",
    "PRIMARY",
    "DIFFUSION",
    "NONE",
    "PHASE"
  ],
  "ImageTypeText": [
    "ORIGINAL",
    "PRIMARY",
    "DIFFUSION",
    "NONE",
    "ND"
  ],
  "NonlinearGradientCorrection": false,
  "SeriesNumber": 11,
  "AcquisitionNumber": 1,
  "SliceThickness": 2,
  "SpacingBetweenSlices": 2,
  "EchoTime": 0.066,
  "RepetitionTime": 3.2,
  "MTState": false,
  "FlipAngle": 90,
  "PartialFourier": 0.75,
  "BaseResolution": 110,
  "ShimSetting": [
    -7,
    8,
    20,
    -20,
    75,
    229,
    27,
    -49
  ],
  "DiffusionScheme": "Monopolar",
  "TxRefAmp": 143.972,
  "PhaseResolution": 1,
  "ReceiveCoilName": "Invivo_72",
  "ReceiveCoilActiveElements": "INV",
  "CoilString": "Invivo_72",
  "RefLinesPE": 30,
  "CoilCombinationMethod": "Adaptive Combine",
  "MultibandAccelerationFactor": 2,
  "PercentPhaseFOV": 100,
  "PercentSampling": 100,
  "EchoTrainLength": 43,
  "PartialFourierDirection": "PHASE",
  "AcquisitionMatrixPE": 110,
  "ReconMatrixPE": 110,
  "BandwidthPerPixelPhaseEncode": 49.14,
  "ParallelReductionFactorInPlane": 2,
  "ParallelAcquisitionTechnique": "SMS",
  "EffectiveEchoSpacing": 0.000185,
  "DerivedVendorReportedEchoSpacing": 0.00037,
  "AcquisitionDuration": 140.085,
  "TotalReadoutTime": 0.020165,
  "PixelBandwidth": 3030,
  "DwellTime": 1.5e-06,
  "PhaseEncodingDirection": "j",
  "SliceTiming": [
    0,
    1.6375,
    0.095,
    1.7325,
    0.1925,
    1.83,
    0.2875,
    1.9275,
    0.385,
    2.0225,
    0.48,
    2.12,
    0.5775,
    2.215,
    0.675,
    2.3125,
    0.77,
    2.4075,
    0.8675,
    2.505,
    0.9625,
    2.6,
    1.06,
    2.6975,
    1.155,
    2.7925,
    1.2525,
    2.89,
    1.3475,
    2.9875,
    1.445,
    3.0825,
    1.54,
    0,
    1.6375,
    0.095,
    1.7325,
    0.1925,
    1.83,
    0.2875,
    1.9275,
    0.385,
    2.0225,
    0.48,
    2.12,
    0.5775,
    2.215,
    0.675,
    2.3125,
    0.77,
    2.4075,
    0.8675,
    2.505,
    0.9625,
    2.6,
    1.06,
    2.6975,
    1.155,
    2.7925,
    1.2525,
    2.89,
    1.3475,
    2.9875,
    1.445,
    3.0825,
    1.54
  ],
  "ImageOrientationPatientDICOM": [
    1,
    3.07472e-09,
    3.67501e-08,
    3.07472e-09,
    0.986097,
    -0.166168
  ],
  "InPlanePhaseEncodingDirectionDICOM": "COL",
  "ConversionSoftware": "dcm2niix",
  "ConversionSoftwareVersion": "v1.0.20220720",
  "Units": "arbitrary"
}