{
  "Modality": "MR",
  "MagneticFieldStrength": 3,
  "ImagingFrequency": 123.189,
  "Manufacturer": "Siemens",
  "ManufacturersModelName": "MAGNETOM Connectom.X",
  "BodyPartExamined": "BRAIN",
  "PatientPosition": "HFS",
  "SoftwareVersions": "syngo MR XA61",
  "MRAcquisitionType": "2D",
  "ScanningSequence": "EP",
  "SequenceVariant": "SK\\SP",
  "ScanOptions": "PFP\\FS",
  "PulseSequenceName": "epse2d1_138",
  "ImageType": [
    "ORIGINAL",
    "PRIMARY",
    "DIFFUSION",
    "NONE",
    "PHASE"
  ],
  "ImageTypeText": [
    "ORIGINAL",
    "PRIMARY",
    "DIFFUSION",
    "NONE",
    "ND"
  ],
  "NonlinearGradientCorrection": false,
  "SeriesNumber": 15,
  "AcquisitionNumber": 1,
  "SliceThickness": 1.6,
  "SpacingBetweenSlices": 1.6,
  "EchoTime": 0.066,
  "RepetitionTime": 4.1,
  "MTState": false,
  "FlipAngle": 90,
  "PartialFourier": 0.75,
  "BaseResolution": 138,
  "ShimSetting": [
    -3,
    16,
    20,
    -288,
    24,
    97,
    2,
    -50
  ],
  "DiffusionScheme": "Monopolar",
  "TxRefAmp": 152.289,
  "PhaseResolution": 1,
  "ReceiveCoilName": "Invivo_72",
  "ReceiveCoilActiveElements": "INV",
  "CoilString": "Invivo_72",
  "RefLinesPE": 30,
  "CoilCombinationMethod": "Adaptive Combine",
  "MultibandAccelerationFactor": 2,
  "PercentPhaseFOV": 100,
  "PercentSampling": 100,
  "EchoTrainLength": 52,
  "PartialFourierDirection": "PHASE",
  "AcquisitionMatrixPE": 138,
  "ReconMatrixPE": 138,
  "BandwidthPerPixelPhaseEncode": 38.139,
  "ParallelReductionFactorInPlane": 2,
  "ParallelAcquisitionTechnique": "SMS",
  "EffectiveEchoSpacing": 0.000189999,
  "DerivedVendorReportedEchoSpacing": 0.000379998,
  "AcquisitionDuration": 864.98,
  "TotalReadoutTime": 0.0260299,
  "PixelBandwidth": 3019,
  "DwellTime": 1.2e-06,
  "PhaseEncodingDirection": "j",
  "SliceTiming": [
    0,
    2.09,
    0.097498,
    2.1875,
    0.197498,
    2.2875,
    0.297498,
    2.3875,
    0.397498,
    2.4875,
    0.497498,
    2.5875,
    0.594998,
    2.685,
    0.694998,
    2.785,
    0.794998,
    2.885,
    0.894998,
    2.985,
    0.994998,
    3.085,
    1.0925,
    3.1825,
    1.1925,
    3.2825,
    1.2925,
    3.3825,
    1.3925,
    3.4825,
    1.4925,
    3.5825,
    1.59,
    3.68,
    1.69,
    3.78,
    1.79,
    3.88,
    1.89,
    3.98,
    1.99,
    0,
    2.09,
    0.097498,
    2.1875,
    0.197498,
    2.2875,
    0.297498,
    2.3875,
    0.397498,
    2.4875,
    0.497498,
    2.5875,
    0.594998,
    2.685,
    0.694998,
    2.785,
    0.794998,
    2.885,
    0.894998,
    2.985,
    0.994998,
    3.085,
    1.0925,
    3.1825,
    1.1925,
    3.2825,
    1.2925,
    3.3825,
    1.3925,
    3.4825,
    1.4925,
    3.5825,
    1.59,
    3.68,
    1.69,
    3.78,
    1.79,
    3.88,
    1.89,
    3.98,
    1.99
  ],
  "ImageOrientationPatientDICOM": [
    1,
    2.97594e-09,
    2.08622e-08,
    2.97594e-09,
    0.960115,
    -0.279605
  ],
  "InPlanePhaseEncodingDirectionDICOM": "COL",
  "ConversionSoftware": "dcm2niix",
  "ConversionSoftwareVersion": "v1.0.20220720",
  "Units": "arbitrary"
}