{
    "Modality": "MR",
    "MagneticFieldStrength": 3,
    "ImagingFrequency": 123.188968,
    "Manufacturer": "Siemens",
    "ManufacturersModelName": "MAGNETOM Connectom.X",
    "BodyPart": "BRAIN",
    "PatientPosition": "HFS",
    "SoftwareVersions": "syngo MR XA61",
    "MRAcquisitionType": "2D",
    "StudyDescription": "head library 3D",
    "ScanningSequence": "EP",
    "SequenceVariant": "SK\\SP",
    "ScanOptions": "PFP\\FS",
    "PulseSequenceName": "epse2d1_110",
    "ImageType": [
        "ORIGINAL",
        "PRIMARY",
        "DIFFUSION",
        "NONE",
        "MAGNITUDE"
    ],
    "ImageTypeText": [
        "ORIGINAL",
        "PRIMARY",
        "DIFFUSION",
        "NONE",
        "ND"
    ],
    "NonlinearGradientCorrection": false,
    "SeriesNumber": 12,
    "AcquisitionNumber": 1,
    "SliceThickness": 2,
    "SpacingBetweenSlices": 2,
    "TablePosition": [
        0,
        0,
        0
    ],
    "EchoTime": 0.066,
    "RepetitionTime": 3.2,
    "MTState": false,
    "FlipAngle": 90,
    "PartialFourier": 0.75,
    "BaseResolution": 110,
    "ShimSetting": [
        -6,
        -1,
        14,
        -237,
        163,
        -251,
        82,
        -127
    ],
    "DiffusionScheme": "Monopolar",
    "TxRefAmp": 140.213,
    "PhaseResolution": 1,
    "ReceiveCoilName": "Invivo_72",
    "ReceiveCoilActiveElements": "INV",
    "CoilString": "Invivo_72",
    "RefLinesPE": 30,
    "CoilCombinationMethod": "Adaptive Combine",
    "ConsistencyInfo": "66110001",
    "MultibandAccelerationFactor": 2,
    "PercentPhaseFOV": 100,
    "PercentSampling": 100,
    "EchoTrainLength": 43,
    "PartialFourierDirection": "PHASE",
    "PhaseEncodingSteps": 110,
    "FrequencyEncodingSteps": 110,
    "AcquisitionMatrixPE": 110,
    "ReconMatrixPE": 110,
    "BandwidthPerPixelPhaseEncode": 49.14,
    "ParallelReductionFactorInPlane": 2,
    "ParallelAcquisitionTechnique": "SMS",
    "EffectiveEchoSpacing": 0.000185,
    "DerivedVendorReportedEchoSpacing": 0.00037,
    "AcquisitionDuration": 134.082,
    "TotalReadoutTime": 0.020165,
    "PixelBandwidth": 3030,
    "DwellTime": 1.5e-06,
    "PhaseEncodingDirection": "j",
    "SliceTiming": [
        0,
        1.6375,
        0.095,
        1.735,
        0.1925,
        1.83,
        0.29,
        1.9275,
        0.385,
        2.0225,
        0.4825,
        2.12,
        0.5775,
        2.215,
        0.675,
        2.3125,
        0.77,
        2.4075,
        0.8675,
        2.505,
        0.9625,
        2.6025,
        1.06,
        2.6975,
        1.155,
        2.795,
        1.2525,
        2.89,
        1.3475,
        2.9875,
        1.445,
        3.0825,
        1.5425,
        0,
        1.6375,
        0.095,
        1.735,
        0.1925,
        1.83,
        0.29,
        1.9275,
        0.385,
        2.0225,
        0.4825,
        2.12,
        0.5775,
        2.215,
        0.675,
        2.3125,
        0.77,
        2.4075,
        0.8675,
        2.505,
        0.9625,
        2.6025,
        1.06,
        2.6975,
        1.155,
        2.795,
        1.2525,
        2.89,
        1.3475,
        2.9875,
        1.445,
        3.0825,
        1.5425
    ],
    "ImageOrientationPatientDICOM": [
        1,
        0,
        0,
        0,
        1,
        0
    ],
    "InPlanePhaseEncodingDirectionDICOM": "COL",
    "BidsGuess": [
        "dwi",
        "_acq-epse2p2m2_dir-PA_run-12_dwi"
    ],
    "ConversionSoftware": "dcm2niix",
    "ConversionSoftwareVersion": "v1.0.20241211"
}